PATH
  remote: .
  specs:
    service-bindings (1.0.0)

GEM
  remote: https://rubygems.org/
  specs:
    ast (2.4.2)
    docile (1.4.0)
    json (2.9.0)
    language_server-protocol (3.17.0.3)
    minitest (5.25.4)
    parallel (1.26.3)
    parser (3.3.6.0)
      ast (~> 2.4.1)
      racc
    pg (1.5.9)
    racc (1.8.1)
    rainbow (3.1.1)
    rake (13.2.1)
    regexp_parser (2.9.3)
    rexml (3.3.9)
    rubocop (1.69.1)
      json (~> 2.3)
      language_server-protocol (>= 3.17.0)
      parallel (~> 1.10)
      parser (>= 3.3.0.2)
      rainbow (>= 2.2.2, < 4.0)
      regexp_parser (>= 2.9.3, < 3.0)
      rubocop-ast (>= 1.36.2, < 2.0)
      ruby-progressbar (~> 1.7)
      unicode-display_width (>= 2.4.0, < 4.0)
    rubocop-ast (1.36.2)
      parser (>= 3.3.1.0)
    rubocop-minitest (0.36.0)
      rubocop (>= 1.61, < 2.0)
      rubocop-ast (>= 1.31.1, < 2.0)
    rubocop-rake (0.6.0)
      rubocop (~> 1.0)
    ruby-progressbar (1.13.0)
    simplecov (0.22.0)
      docile (~> 1.1)
      simplecov-html (~> 0.11)
      simplecov_json_formatter (~> 0.1)
    simplecov-cobertura (2.1.0)
      rexml
      simplecov (~> 0.19)
    simplecov-html (0.12.3)
    simplecov_json_formatter (0.1.4)
    unicode-display_width (3.1.2)
      unicode-emoji (~> 4.0, >= 4.0.4)
    unicode-emoji (4.0.4)

PLATFORMS
  arm64-darwin-22
  x86_64-linux

DEPENDENCIES
  minitest (~> 5.25)
  pg (~> 1.5)
  rake (~> 13.2)
  rubocop (~> 1.69)
  rubocop-minitest (~> 0.36)
  rubocop-rake (~> 0.6)
  service-bindings!
  simplecov (~> 0.22)
  simplecov-cobertura (~> 2.1)

RUBY VERSION
   ruby 3.2.2p53

BUNDLED WITH
   2.4.21
